GEM
  remote: http://rubygems.org/
  specs:
    activemodel (4.2.5.1)
      activesupport (= 4.2.5.1)
      builder (~> 3.1)
    activerecord (4.2.5.1)
      activemodel (= 4.2.5.1)
      activesupport (= 4.2.5.1)
      arel (~> 6.0)
    activerecord-jdbc-adapter (1.3.19)
      activerecord (>= 2.2)
    activesupport (4.2.5.1)
      i18n (~> 0.7)
      json (~> 1.7, >= 1.7.7)
      minitest (~> 5.1)
      thread_safe (~> 0.3, >= 0.3.4)
      tzinfo (~> 1.1)
    arel (6.0.3)
    builder (3.2.2)
    diff-lcs (1.2.5)
    i18n (0.7.0)
    jdbc-postgres (9.4.1206)
    json (1.8.3-java)
    minitest (5.8.4)
    rake (10.1.0)
    rspec (2.99.0)
      rspec-core (~> 2.99.0)
      rspec-expectations (~> 2.99.0)
      rspec-mocks (~> 2.99.0)
    rspec-core (2.99.2)
    rspec-expectations (2.99.2)
      diff-lcs (>= 1.1.3, < 2.0)
    rspec-mocks (2.99.4)
    thread_safe (0.3.5-java)
    tzinfo (1.2.2)
      thread_safe (~> 0.1)

PLATFORMS
  java
  ruby
  x86-mingw32

DEPENDENCIES
  activerecord-jdbc-adapter
  jdbc-postgres
  rake
  rspec (~> 2.0)

BUNDLED WITH
   1.11.2
